GEM
  remote: https://rubygems.org/
  specs:
    barby (0.6.6)
    chunky_png (1.3.11)
    daemons (1.3.1)
    eventmachine (1.2.7)
    mustermann (1.1.1)
      ruby2_keywords (~> 0.0.1)
    rack (2.2.3)
    rack-protection (2.2.0)
      rack
    rghost (0.9.6)
    rghost_barcode (0.9)
    rqrcode (0.10.1)
      chunky_png (~> 1.0)
    ruby2_keywords (0.0.5)
    sinatra (2.2.0)
      mustermann (~> 1.0)
      rack (~> 2.2)
      rack-protection (= 2.2.0)
      tilt (~> 2.0)
    thin (1.7.2)
      daemons (~> 1.0, >= 1.0.9)
      eventmachine (~> 1.0, >= 1.0.4)
      rack (>= 1, < 3)
    tilt (2.0.10)

PLATFORMS
  ruby

DEPENDENCIES
  barby
  chunky_png
  rghost
  rghost_barcode
  rqrcode
  sinatra
  thin

RUBY VERSION
   ruby 2.6.3p62

BUNDLED WITH
   2.0.1
